GEM
  remote: https://rubygems.org/
  specs:
    systemu (2.5.2)

PLATFORMS
  ruby

DEPENDENCIES
  systemu
